GEM
  remote: https://rubygems.org/
  specs:
    slim (3.0.7)
      temple (~> 0.7.6)
      tilt (>= 1.3.3, < 2.1)
    temple (0.7.7)
    thor (0.19.4)
    tilt (2.0.7)

PLATFORMS
  ruby

DEPENDENCIES
  slim
  thor

BUNDLED WITH
   1.14.6
